GEM
  remote: https://gems.rubyforge.org/
  specs:
    amazing_print (1.4.0)
    mustermann (3.0.0)
      ruby2_keywords (~> 0.0.1)
    rack (2.2.6.4)
    rack-protection (3.0.5)
      rack
    ruby2_keywords (0.0.5)
    sinatra (3.0.5)
      mustermann (~> 3.0)
      rack (~> 2.2, >= 2.2.4)
      rack-protection (= 3.0.5)
      tilt (~> 2.0)
    tilt (2.1.0)

PLATFORMS
  x86_64-darwin-22

DEPENDENCIES
  amazing_print
  sinatra

RUBY VERSION
   ruby 3.2.2p53

BUNDLED WITH
   2.4.10
