GEM
  remote: https://rubygems.org/
  specs:
    amazing_print (1.5.0)
    mustermann (3.0.0)
      ruby2_keywords (~> 0.0.1)
    rack (2.2.8)
    rack-protection (3.1.0)
      rack (~> 2.2, >= 2.2.4)
    ruby2_keywords (0.0.5)
    sinatra (3.1.0)
      mustermann (~> 3.0)
      rack (~> 2.2, >= 2.2.4)
      rack-protection (= 3.1.0)
      tilt (~> 2.0)
    tilt (2.3.0)

PLATFORMS
  ruby
  x86_64-darwin-22

DEPENDENCIES
  amazing_print
  sinatra

RUBY VERSION
   ruby 3.3.0p0

BUNDLED WITH
   2.5.3
